GEM
  remote: http://rubygems.org/
  specs:
    addressable (2.2.7)
    clogger (1.1.0)
      rack (> 0.9)
    daemons (1.1.8)
    eventmachine (0.12.10)
    hashie (1.2.0)
    nokogiri (1.5.2)
    omniauth (1.0.3)
      hashie (~> 1.2)
      rack
    omniauth-cas (0.0.6)
      addressable (~> 2.2)
      nokogiri (~> 1.5)
      omniauth (~> 1.0.2)
    rack (1.4.1)
    rack-protection (1.2.0)
      rack
    sequel (3.34.1)
    sinatra (1.3.2)
      rack (~> 1.3, >= 1.3.6)
      rack-protection (~> 1.2)
      tilt (~> 1.3, >= 1.3.3)
    slim (1.2.0)
      temple (~> 0.4.0)
      tilt (~> 1.3.3)
    sqlite3 (1.3.5)
    temple (0.4.0)
    thin (1.3.1)
      daemons (>= 1.0.9)
      eventmachine (>= 0.12.6)
      rack (>= 1.0.0)
    tilt (1.3.3)
    warden (1.1.1)
      rack (>= 1.0)

PLATFORMS
  ruby

DEPENDENCIES
  clogger
  omniauth-cas
  sequel
  sinatra
  slim
  sqlite3
  thin
  warden
